PATH
  remote: .
  specs:
    catalogos_sat (0.0.991)
      ruby-progressbar (~> 1.9)
      spreadsheet (~> 1.1)

GEM
  remote: https://rubygems.org/
  specs:
    minitest (5.11.3)
    ruby-ole (1.2.12.1)
    ruby-progressbar (1.9.0)
    spreadsheet (1.1.7)
      ruby-ole (>= 1.0)

PLATFORMS
  ruby

DEPENDENCIES
  catalogos_sat!
  minitest
  ruby-progressbar
  spreadsheet

BUNDLED WITH
   2.0.1
